GIT
  remote: git@github.com:benglerpebbles/pebblebed.git
  revision: 0bcac5b2e336ba95e424152c1a1450637425a7a7
  specs:
    pebbles (0.0.1)
      activesupport
      curb
      deepstruct
      i18n
      nokogiri
      pathbuilder
      queryparams
      rack-streaming-proxy
      yajl-ruby

GIT
  remote: git@github.com:origo/bengler_test_helper.git
  revision: b3640d1406bf00f9b4a6f84e6b778b7c7ebcc5cc
  specs:
    bengler_test_helper (0.0.1)

GIT
  remote: https://github.com/origo/rack-streaming-proxy
  revision: 589c5a35034635f9f99a348338cd28374fdda5ae
  specs:
    rack-streaming-proxy (1.0.3)
      rack (>= 1.0)
      servolux (~> 0.8.1)

GEM
  remote: http://rubygems.org/
  specs:
    activemodel (3.1.1)
      activesupport (= 3.1.1)
      builder (~> 3.0.0)
      i18n (~> 0.6)
    activerecord (3.1.1)
      activemodel (= 3.1.1)
      activesupport (= 3.1.1)
      arel (~> 2.2.1)
      tzinfo (~> 0.3.29)
    activesupport (3.1.1)
      multi_json (~> 1.0)
    addressable (2.2.6)
    arel (2.2.1)
    builder (3.0.0)
    capistrano (2.9.0)
      highline
      net-scp (>= 1.0.0)
      net-sftp (>= 2.0.0)
      net-ssh (>= 2.0.14)
      net-ssh-gateway (>= 1.1.0)
    capistrano-ext (1.2.1)
      capistrano (>= 1.0.0)
    crack (0.3.1)
    curb (0.7.16)
    deepstruct (0.0.1)
    diff-lcs (1.1.3)
    highline (1.6.5)
    i18n (0.6.0)
    kgio (2.6.0)
    logger (1.2.8)
    multi_json (1.0.3)
    net-scp (1.0.4)
      net-ssh (>= 1.99.1)
    net-sftp (2.0.5)
      net-ssh (>= 2.0.9)
    net-ssh (2.2.1)
    net-ssh-gateway (1.1.0)
      net-ssh (>= 1.99.1)
    nokogiri (1.5.0)
    pathbuilder (0.0.2)
    pg (0.11.0)
    queryparams (0.0.3)
    rabl (0.5.1)
      activesupport (>= 2.3.14)
      multi_json (~> 1.0.3)
    rack (1.3.5)
    rack-protection (1.1.4)
      rack
    rack-test (0.6.1)
      rack (>= 1.0)
    raindrops (0.8.0)
    rake (0.9.2.2)
    rspec (2.7.0)
      rspec-core (~> 2.7.0)
      rspec-expectations (~> 2.7.0)
      rspec-mocks (~> 2.7.0)
    rspec-core (2.7.1)
    rspec-expectations (2.7.0)
      diff-lcs (~> 1.1.2)
    rspec-mocks (2.7.0)
    servolux (0.8.1)
    simplecov (0.5.4)
      multi_json (~> 1.0.3)
      simplecov-html (~> 0.5.3)
    simplecov-html (0.5.3)
    sinatra (1.3.1)
      rack (~> 1.3, >= 1.3.4)
      rack-protection (~> 1.1, >= 1.1.2)
      tilt (~> 1.3, >= 1.3.3)
    sinatra-activerecord (0.1.3)
      sinatra (>= 0.9.4)
    tilt (1.3.3)
    tzinfo (0.3.31)
    unicorn (4.1.1)
      kgio (~> 2.4)
      rack
      raindrops (~> 0.6)
    vcr (1.11.3)
    webmock (1.7.7)
      addressable (~> 2.2, > 2.2.5)
      crack (>= 0.1.7)
    yajl-ruby (1.1.0)

PLATFORMS
  ruby

DEPENDENCIES
  activerecord
  bengler_test_helper!
  capistrano
  capistrano-ext
  logger
  pebbles!
  pg
  rabl
  rack-streaming-proxy!
  rack-test
  rake
  rspec
  simplecov
  sinatra
  sinatra-activerecord
  unicorn (~> 4.1.1)
  vcr
  webmock
  yajl-ruby
