GIT
  remote: git://github.com/benglerpebbles/o5-logging.git
  revision: db9686026912448e19fa0512e46f66c871a45da7
  specs:
    o5-logging (0.0.1)

GIT
  remote: git://github.com/benglerpebbles/pebblebed.git
  revision: 1f8516e5d0b5b6df8657de174d449ad0f238809a
  specs:
    pebblebed (0.0.12)
      activesupport
      curb (~> 0.8.0)
      deepstruct
      futurevalue
      i18n
      nokogiri
      pathbuilder
      queryparams
      yajl-ruby

GIT
  remote: git://github.com/benglerpebbles/petroglyph.git
  revision: 325f1fcd806ef18916a6b2aa156909d164d6a321
  specs:
    petroglyph (0.0.2)
      tilt

GIT
  remote: git://github.com/origo/bengler_test_helper.git
  revision: 388b8545455c4ef1c0c4ee1841c154041241c97f
  specs:
    bengler_test_helper (0.0.1)

GIT
  remote: git://github.com/origo/hupper.git
  revision: 4eb51c501d62be1d84e6cd845e4122e21c4b0b62
  specs:
    hupper (0.0.1)

GIT
  remote: git://github.com/rack/rack-contrib.git
  revision: 451f029857d655c4a37012564eb49665d2f9313a
  specs:
    rack-contrib (1.1.0)
      rack (>= 0.9.1)

GIT
  remote: git@github.com:origo/capistrano-bengler.git
  revision: 5c357309188e15c39473f61e0e2725bff127333e
  specs:
    capistrano-bengler (0.0.11)
      capistrano (>= 2.9)
      capistrano-ext (>= 1.2.1)

GEM
  remote: http://rubygems.org/
  specs:
    activemodel (3.2.2)
      activesupport (= 3.2.2)
      builder (~> 3.0.0)
    activerecord (3.2.2)
      activemodel (= 3.2.2)
      activesupport (= 3.2.2)
      arel (~> 3.0.2)
      tzinfo (~> 0.3.29)
    activesupport (3.2.2)
      i18n (~> 0.6)
      multi_json (~> 1.0)
    arel (3.0.2)
    backports (2.3.0)
    builder (3.0.0)
    capistrano (2.9.0)
      highline
      net-scp (>= 1.0.0)
      net-sftp (>= 2.0.0)
      net-ssh (>= 2.0.14)
      net-ssh-gateway (>= 1.1.0)
    capistrano-ext (1.2.1)
      capistrano (>= 1.0.0)
    curb (0.8.0)
    deepstruct (0.0.1)
    diff-lcs (1.1.3)
    eventmachine (0.12.10)
    futurevalue (0.0.2)
    highline (1.6.11)
    i18n (0.6.0)
    kgio (2.7.3)
    logger (1.2.8)
    multi_json (1.1.0)
    net-scp (1.0.4)
      net-ssh (>= 1.99.1)
    net-sftp (2.0.5)
      net-ssh (>= 2.0.9)
    net-ssh (2.3.0)
    net-ssh-gateway (1.1.0)
      net-ssh (>= 1.99.1)
    nokogiri (1.5.2)
    pathbuilder (0.0.2)
    pg (0.13.2)
    pingable (0.0.9)
      rack (>= 1.0.0)
    queryparams (0.0.3)
    rack (1.4.1)
    rack-protection (1.2.0)
      rack
    rack-test (0.6.1)
      rack (>= 1.0)
    raindrops (0.8.0)
    rake (0.9.2.2)
    rspec (2.9.0)
      rspec-core (~> 2.9.0)
      rspec-expectations (~> 2.9.0)
      rspec-mocks (~> 2.9.0)
    rspec-core (2.9.0)
    rspec-expectations (2.9.0)
      diff-lcs (~> 1.1.3)
    rspec-mocks (2.9.0)
    simplecov (0.6.1)
      multi_json (~> 1.0)
      simplecov-html (~> 0.5.3)
    simplecov-html (0.5.3)
    sinatra (1.3.2)
      rack (~> 1.3, >= 1.3.6)
      rack-protection (~> 1.2)
      tilt (~> 1.3, >= 1.3.3)
    sinatra-activerecord (0.1.3)
      sinatra (>= 0.9.4)
    sinatra-contrib (1.3.1)
      backports (>= 2.0)
      eventmachine
      rack-protection
      rack-test
      sinatra (~> 1.3.0)
      tilt (~> 1.3)
    tilt (1.3.3)
    tzinfo (0.3.32)
    unicorn (4.1.1)
      kgio (~> 2.4)
      rack
      raindrops (~> 0.6)
    yajl-ruby (1.1.0)

PLATFORMS
  ruby

DEPENDENCIES
  activerecord
  bengler_test_helper!
  capistrano (~> 2.9.0)
  capistrano-bengler!
  hupper!
  logger
  o5-logging!
  pebblebed!
  petroglyph!
  pg
  pingable
  rack-contrib!
  rack-test
  rake
  rspec (~> 2.8)
  simplecov
  sinatra
  sinatra-activerecord
  sinatra-contrib
  unicorn (~> 4.1.1)
  yajl-ruby
