GIT
  remote: https://github.com/bengler/bengler_test_helper
  revision: c8100bc387c8be09aaa7f5973ffa628b277c9965
  specs:
    bengler_test_helper (0.0.8)

GIT
  remote: https://github.com/bengler/pebbles-cors
  revision: 9bf8ca58e2a7138da0e602f1d57c33202367f854
  specs:
    pebbles-cors (0.2.5)
      dalli
      pebblebed
      rack

GEM
  remote: https://rubygems.org/
  specs:
    absolute_time (1.0.0)
    activemodel (3.2.22)
      activesupport (= 3.2.22)
      builder (~> 3.0.0)
    activerecord (3.2.22)
      activemodel (= 3.2.22)
      activesupport (= 3.2.22)
      arel (~> 3.0.2)
      tzinfo (~> 0.3.29)
    activesupport (3.2.22)
      i18n (~> 0.6, >= 0.6.4)
      multi_json (~> 1.0)
    addressable (2.5.2)
      public_suffix (>= 2.0.2, < 4.0)
    airbrake (3.1.17)
      builder
      multi_json
    amq-protocol (2.3.0)
    arel (3.0.3)
    backports (3.11.1)
    builder (3.0.4)
    bunny (2.9.2)
      amq-protocol (~> 2.3.0)
    concurrent-ruby (1.0.5)
    curb (0.8.8)
    dalli (2.6.4)
    deepstruct (0.0.7)
    diff-lcs (1.3)
    excon (0.62.0)
    futurevalue (0.0.2)
    i18n (0.9.5)
      concurrent-ruby (~> 1.0)
    json (1.8.6)
    kgio (2.11.2)
    logger (1.2.8)
    mini_portile2 (2.3.0)
    multi_json (1.13.1)
    mustermann (1.0.2)
    nokogiri (1.8.2)
      mini_portile2 (~> 2.3.0)
    pathbuilder (0.0.2)
    pebblebed (0.4.4)
      absolute_time
      activesupport
      addressable
      bunny
      deepstruct (>= 0.0.4)
      excon (>= 0.52.0)
      futurevalue
      nokogiri
      pathbuilder
      queryparams
      yajl-ruby
    pebbles-path (0.0.3)
      pebbles-uid (>= 0.0.6)
    pebbles-uid (0.0.22)
    petroglyph (0.0.7)
      tilt
    pg (0.18.3)
    public_suffix (3.0.2)
    queryparams (0.0.3)
    rack (2.0.4)
    rack-contrib (2.0.1)
      rack (~> 2.0)
    rack-protection (2.0.1)
      rack
    rack-test (0.6.3)
      rack (>= 1.0)
    raindrops (0.19.0)
    rake (10.4.2)
    rspec (2.99.0)
      rspec-core (~> 2.99.0)
      rspec-expectations (~> 2.99.0)
      rspec-mocks (~> 2.99.0)
    rspec-core (2.99.2)
    rspec-expectations (2.99.2)
      diff-lcs (>= 1.1.3, < 2.0)
    rspec-mocks (2.99.4)
    simplecov (0.7.1)
      multi_json (~> 1.0)
      simplecov-html (~> 0.7.1)
    simplecov-html (0.7.1)
    sinatra (2.0.1)
      mustermann (~> 1.0)
      rack (~> 2.0)
      rack-protection (= 2.0.1)
      tilt (~> 2.0)
    sinatra-activerecord (2.0.13)
      activerecord (>= 3.2)
      sinatra (>= 1.0)
    sinatra-contrib (2.0.1)
      backports (>= 2.0)
      multi_json
      mustermann (~> 1.0)
      rack-protection (= 2.0.1)
      sinatra (= 2.0.1)
      tilt (>= 1.3, < 3)
    thor (0.18.1)
    tilt (2.0.8)
    tzinfo (0.3.53)
    unicorn (4.8.3)
      kgio (~> 2.6)
      rack
      raindrops (~> 0.7)
    yajl-ruby (1.2.3)

PLATFORMS
  ruby

DEPENDENCIES
  activerecord (= 3.2.22)
  airbrake (~> 3.1.4)
  bengler_test_helper!
  curb (~> 0.8.8)
  dalli (~> 2.6.4)
  json (~> 1.8.3)
  logger (~> 1.2.3)
  pebblebed (~> 0.4.4)
  pebbles-cors!
  pebbles-path (~> 0.0.3)
  pebbles-uid (~> 0.0.22)
  petroglyph (~> 0.0.7)
  pg (= 0.18.3)
  rack (~> 2.0.4)
  rack-contrib (~> 2.0.1)
  rack-protection (~> 2.0.1)
  rack-test (~> 0.6.2)
  rake (= 10.4.2)
  rspec (~> 2.8)
  simplecov (~> 0.7.1)
  sinatra (~> 2.0.1)
  sinatra-activerecord (~> 2.0.13)
  sinatra-contrib (~> 2.0.1)
  thor (~> 0.18.1)
  unicorn (~> 4.8.3)
  yajl-ruby (~> 1.2.1)

BUNDLED WITH
   1.16.1
