GIT
  remote: https://github.com/bengler/bengler_test_helper
  revision: c8a33fbb5a2b285741399c1683af35b5aa650455
  specs:
    bengler_test_helper (0.0.6)

GIT
  remote: https://github.com/bengler/pebbles-cors
  revision: 869d6b6540577b8f598dac9263b82c783513243c
  specs:
    pebbles-cors (0.2.2)
      dalli
      pebblebed
      rack

GEM
  remote: https://rubygems.org/
  specs:
    absolute_time (1.0.0)
    activemodel (3.2.22)
      activesupport (= 3.2.22)
      builder (~> 3.0.0)
    activerecord (3.2.22)
      activemodel (= 3.2.22)
      activesupport (= 3.2.22)
      arel (~> 3.0.2)
      tzinfo (~> 0.3.29)
    activesupport (3.2.22)
      i18n (~> 0.6, >= 0.6.4)
      multi_json (~> 1.0)
    airbrake (3.1.12)
      activesupport
      builder
      json
    amq-protocol (2.3.0)
    arel (3.0.3)
    backports (3.11.0)
    builder (3.0.4)
    bunny (2.9.1)
      amq-protocol (~> 2.3.0)
    concurrent-ruby (1.0.5)
    curb (0.8.8)
    dalli (2.6.4)
    deepstruct (0.0.7)
    diff-lcs (1.2.4)
    futurevalue (0.0.2)
    i18n (0.9.3)
      concurrent-ruby (~> 1.0)
    json (1.8.3)
    kgio (2.9.2)
    logger (1.2.8)
    mini_portile2 (2.3.0)
    multi_json (1.13.1)
    nokogiri (1.8.1)
      mini_portile2 (~> 2.3.0)
    pathbuilder (0.0.2)
    pebblebed (0.3.25)
      absolute_time
      activesupport
      bunny
      curb (>= 0.8.8)
      deepstruct (>= 0.0.4)
      futurevalue
      nokogiri
      pathbuilder
      queryparams
      yajl-ruby
    pebbles-path (0.0.3)
      pebbles-uid (>= 0.0.6)
    pebbles-uid (0.0.22)
    petroglyph (0.0.7)
      tilt
    pg (0.18.3)
    queryparams (0.0.3)
    rack (1.5.5)
    rack-contrib (1.5.0)
      rack (~> 1.4)
    rack-protection (1.5.3)
      rack
    rack-test (0.6.2)
      rack (>= 1.0)
    raindrops (0.13.0)
    rake (10.4.2)
    rspec (2.13.0)
      rspec-core (~> 2.13.0)
      rspec-expectations (~> 2.13.0)
      rspec-mocks (~> 2.13.0)
    rspec-core (2.13.1)
    rspec-expectations (2.13.0)
      diff-lcs (>= 1.1.3, < 2.0)
    rspec-mocks (2.13.1)
    simplecov (0.7.1)
      multi_json (~> 1.0)
      simplecov-html (~> 0.7.1)
    simplecov-html (0.7.1)
    sinatra (1.4.6)
      rack (~> 1.4)
      rack-protection (~> 1.4)
      tilt (>= 1.3, < 3)
    sinatra-activerecord (2.0.9)
      activerecord (>= 3.2)
      sinatra (~> 1.0)
    sinatra-contrib (1.4.6)
      backports (>= 2.0)
      multi_json
      rack-protection
      rack-test
      sinatra (~> 1.4.0)
      tilt (>= 1.3, < 3)
    thor (0.18.1)
    tilt (2.0.8)
    tzinfo (0.3.53)
    unicorn (4.8.3)
      kgio (~> 2.6)
      rack
      raindrops (~> 0.7)
    yajl-ruby (1.2.3)

PLATFORMS
  ruby

DEPENDENCIES
  activerecord (= 3.2.22)
  airbrake (~> 3.1.4)
  bengler_test_helper!
  curb (~> 0.8.8)
  dalli (~> 2.6.4)
  json (~> 1.8.3)
  logger (~> 1.2.3)
  pebblebed (~> 0.3.25)
  pebbles-cors!
  pebbles-path (~> 0.0.3)
  pebbles-uid (~> 0.0.22)
  petroglyph (~> 0.0.7)
  pg (= 0.18.3)
  rack (~> 1.5.5)
  rack-contrib (~> 1.5.0)
  rack-protection (~> 1.5.3)
  rack-test (~> 0.6.2)
  rake (= 10.4.2)
  rspec (~> 2.8)
  simplecov (~> 0.7.1)
  sinatra (= 1.4.6)
  sinatra-activerecord (= 2.0.9)
  sinatra-contrib (= 1.4.6)
  thor (~> 0.18.1)
  unicorn (~> 4.8.3)
  yajl-ruby (~> 1.2.1)

BUNDLED WITH
   1.15.1
