GIT
  remote: git://github.com/bengler/bengler_test_helper.git
  revision: 005a91685e48cac767a122a547e718bcfc9a286d
  specs:
    bengler_test_helper (0.0.2)

GIT
  remote: git://github.com/rack/rack-contrib.git
  revision: 451f029857d655c4a37012564eb49665d2f9313a
  specs:
    rack-contrib (1.1.0)
      rack (>= 0.9.1)

GIT
  remote: git://github.com/rkh/rack-protection.git
  revision: e334c3a5688860802419b1553560c74c26af4f2f
  specs:
    rack-protection (1.3.2)
      rack

GIT
  remote: git@github.com:bengler/pebbles-cors
  revision: 0a92598d9889ca1bdd6ff4be1e54c78f94c23116
  specs:
    pebbles-cors (0.0.1)
      dalli
      pebblebed
      rack

GEM
  remote: https://rubygems.org/
  specs:
    activemodel (3.2.2)
      activesupport (= 3.2.2)
      builder (~> 3.0.0)
    activerecord (3.2.2)
      activemodel (= 3.2.2)
      activesupport (= 3.2.2)
      arel (~> 3.0.2)
      tzinfo (~> 0.3.29)
    activesupport (3.2.2)
      i18n (~> 0.6)
      multi_json (~> 1.0)
    airbrake (3.1.4)
      builder
      girl_friday
    arel (3.0.2)
    backports (2.3.0)
    builder (3.0.0)
    bunny (0.8.0)
    connection_pool (0.9.2)
    curb (0.8.3)
    dalli (2.6.2)
    deepstruct (0.0.5)
    diff-lcs (1.1.3)
    eventmachine (0.12.10)
    futurevalue (0.0.2)
    girl_friday (0.10.0)
      connection_pool (~> 0.9.0)
    i18n (0.6.1)
    kgio (2.7.3)
    logger (1.2.8)
    multi_json (1.5.0)
    nokogiri (1.5.6)
    pathbuilder (0.0.2)
    pebblebed (0.0.42)
      activesupport
      bunny
      curb (>= 0.7.14)
      deepstruct (>= 0.0.4)
      futurevalue
      i18n
      nokogiri
      pathbuilder
      queryparams
      yajl-ruby
    pebbles-path (0.0.3)
      pebbles-uid (>= 0.0.6)
    pebbles-uid (0.0.14)
    petroglyph (0.0.3)
      tilt
    pg (0.13.2)
    queryparams (0.0.3)
    rack (1.5.2)
    rack-test (0.6.1)
      rack (>= 1.0)
    raindrops (0.8.0)
    rake (0.9.2.2)
    rspec (2.9.0)
      rspec-core (~> 2.9.0)
      rspec-expectations (~> 2.9.0)
      rspec-mocks (~> 2.9.0)
    rspec-core (2.9.0)
    rspec-expectations (2.9.0)
      diff-lcs (~> 1.1.3)
    rspec-mocks (2.9.0)
    simplecov (0.6.1)
      multi_json (~> 1.0)
      simplecov-html (~> 0.5.3)
    simplecov-html (0.5.3)
    sinatra (1.3.4)
      rack (~> 1.4)
      rack-protection (~> 1.3)
      tilt (~> 1.3, >= 1.3.3)
    sinatra-activerecord (0.1.3)
      sinatra (>= 0.9.4)
    sinatra-contrib (1.3.1)
      backports (>= 2.0)
      eventmachine
      rack-protection
      rack-test
      sinatra (~> 1.3.0)
      tilt (~> 1.3)
    thor (0.14.6)
    tilt (1.3.3)
    tzinfo (0.3.32)
    unicorn (4.1.1)
      kgio (~> 2.4)
      rack
      raindrops (~> 0.6)
    yajl-ruby (1.1.0)

PLATFORMS
  ruby

DEPENDENCIES
  activerecord
  airbrake (~> 3.1.4)
  bengler_test_helper!
  logger
  pebblebed (~> 0.0.41)
  pebbles-cors!
  pebbles-path
  pebbles-uid
  petroglyph
  pg
  rack-contrib!
  rack-protection!
  rack-test
  rake
  rspec (~> 2.8)
  simplecov
  sinatra
  sinatra-activerecord
  sinatra-contrib
  thor
  unicorn (~> 4.1.1)
  yajl-ruby
