GIT
  remote: git://github.com/bengler/bengler_test_helper.git
  revision: e7c857bfcb5c983390c7736d064824c7fc82b272
  specs:
    bengler_test_helper (0.0.4)

GIT
  remote: git://github.com/rack/rack-contrib.git
  revision: 6f337267eae0bedb4110879f2aea6b1bb2137980
  specs:
    rack-contrib (1.2.0)
      rack (>= 0.9.1)

GIT
  remote: git://github.com/rkh/rack-protection.git
  revision: 7a5e6d7e3c5fd6cc2a88cb7dc88cfad02f93652f
  specs:
    rack-protection (1.5.0)
      rack

GIT
  remote: git@github.com:bengler/pebbles-cors
  revision: 28d4873ec93e3a16563e4614b70aa023852bae03
  specs:
    pebbles-cors (0.0.2)
      dalli
      pebblebed
      rack

GEM
  remote: https://rubygems.org/
  specs:
    activemodel (3.2.12)
      activesupport (= 3.2.12)
      builder (~> 3.0.0)
    activerecord (3.2.12)
      activemodel (= 3.2.12)
      activesupport (= 3.2.12)
      arel (~> 3.0.2)
      tzinfo (~> 0.3.29)
    activesupport (3.2.12)
      i18n (~> 0.6)
      multi_json (~> 1.0)
    airbrake (3.1.12)
      activesupport
      builder
      json
    arel (3.0.2)
    backports (3.3.0)
    builder (3.0.4)
    bunny (0.8.0)
    curb (0.8.4)
    dalli (2.6.3)
    deepstruct (0.0.5)
    diff-lcs (1.2.4)
    eventmachine (1.0.3)
    futurevalue (0.0.2)
    i18n (0.6.4)
    json (1.8.0)
    kgio (2.8.0)
    logger (1.2.8)
    multi_json (1.7.4)
    nokogiri (1.5.9)
    pathbuilder (0.0.2)
    pebblebed (0.0.55)
      activesupport
      bunny
      curb (>= 0.7.14)
      deepstruct (>= 0.0.4)
      futurevalue
      i18n
      nokogiri
      pathbuilder
      queryparams
      yajl-ruby
    pebbles-path (0.0.3)
      pebbles-uid (>= 0.0.6)
    pebbles-uid (0.0.15)
    petroglyph (0.0.6)
      tilt
    pg (0.15.1)
    queryparams (0.0.3)
    rack (1.5.2)
    rack-test (0.6.2)
      rack (>= 1.0)
    raindrops (0.11.0)
    rake (10.0.4)
    rspec (2.13.0)
      rspec-core (~> 2.13.0)
      rspec-expectations (~> 2.13.0)
      rspec-mocks (~> 2.13.0)
    rspec-core (2.13.1)
    rspec-expectations (2.13.0)
      diff-lcs (>= 1.1.3, < 2.0)
    rspec-mocks (2.13.1)
    simplecov (0.7.1)
      multi_json (~> 1.0)
      simplecov-html (~> 0.7.1)
    simplecov-html (0.7.1)
    sinatra (1.4.2)
      rack (~> 1.5, >= 1.5.2)
      rack-protection (~> 1.4)
      tilt (~> 1.3, >= 1.3.4)
    sinatra-activerecord (1.2.2)
      activerecord (~> 3.0)
      sinatra (~> 1.0)
    sinatra-contrib (1.4.0)
      backports (>= 2.0)
      eventmachine
      rack-protection
      rack-test
      sinatra (~> 1.4.2)
      tilt (~> 1.3)
    thor (0.18.1)
    tilt (1.4.1)
    tzinfo (0.3.37)
    unicorn (4.1.1)
      kgio (~> 2.4)
      rack
      raindrops (~> 0.6)
    yajl-ruby (1.1.0)

PLATFORMS
  ruby

DEPENDENCIES
  activerecord
  airbrake (~> 3.1.4)
  bengler_test_helper!
  logger
  pebblebed (~> 0.0.55)
  pebbles-cors!
  pebbles-path
  pebbles-uid
  petroglyph
  pg
  rack-contrib!
  rack-protection!
  rack-test
  rake
  rspec (~> 2.8)
  simplecov
  sinatra
  sinatra-activerecord
  sinatra-contrib
  thor
  unicorn (~> 4.1.1)
  yajl-ruby
