GIT
  remote: https://github.com/bengler/bengler_test_helper
  revision: c8a33fbb5a2b285741399c1683af35b5aa650455
  specs:
    bengler_test_helper (0.0.6)

GIT
  remote: https://github.com/bengler/pebbles-cors
  revision: 869d6b6540577b8f598dac9263b82c783513243c
  specs:
    pebbles-cors (0.2.2)
      dalli
      pebblebed
      rack

GIT
  remote: https://github.com/rack/rack-contrib
  revision: 5c12ace4ba2b9e4802e4d948a8ee0114da18760b
  specs:
    rack-contrib (1.2.0)
      rack (>= 0.9.1)

GEM
  remote: https://rubygems.org/
  specs:
    activemodel (3.2.18)
      activesupport (= 3.2.18)
      builder (~> 3.0.0)
    activerecord (3.2.18)
      activemodel (= 3.2.18)
      activesupport (= 3.2.18)
      arel (~> 3.0.2)
      tzinfo (~> 0.3.29)
    activesupport (3.2.18)
      i18n (~> 0.6, >= 0.6.4)
      multi_json (~> 1.0)
    airbrake (3.1.12)
      activesupport
      builder
      json
    amq-protocol (1.9.2)
    arel (3.0.3)
    backports (3.3.0)
    builder (3.0.4)
    bunny (1.3.1)
      amq-protocol (>= 1.9.2)
    curb (0.8.5)
    dalli (2.6.4)
    deepstruct (0.0.7)
    diff-lcs (1.2.4)
    eventmachine (1.0.3)
    futurevalue (0.0.2)
    i18n (0.6.9)
    json (1.8.0)
    kgio (2.9.2)
    logger (1.2.8)
    mini_portile (0.6.0)
    multi_json (1.10.1)
    nokogiri (1.6.2.1)
      mini_portile (= 0.6.0)
    pathbuilder (0.0.2)
    pebblebed (0.2.1)
      activesupport
      bunny (~> 1.3.1)
      curb (>= 0.8.4)
      deepstruct (>= 0.0.4)
      futurevalue
      nokogiri
      pathbuilder
      queryparams
      yajl-ruby
    pebbles-path (0.0.3)
      pebbles-uid (>= 0.0.6)
    pebbles-uid (0.0.15)
    petroglyph (0.0.6)
      tilt
    pg (0.15.1)
    queryparams (0.0.3)
    rack (1.5.2)
    rack-protection (1.5.3)
      rack
    rack-test (0.6.2)
      rack (>= 1.0)
    raindrops (0.13.0)
    rake (10.0.4)
    rspec (2.13.0)
      rspec-core (~> 2.13.0)
      rspec-expectations (~> 2.13.0)
      rspec-mocks (~> 2.13.0)
    rspec-core (2.13.1)
    rspec-expectations (2.13.0)
      diff-lcs (>= 1.1.3, < 2.0)
    rspec-mocks (2.13.1)
    simplecov (0.7.1)
      multi_json (~> 1.0)
      simplecov-html (~> 0.7.1)
    simplecov-html (0.7.1)
    sinatra (1.4.2)
      rack (~> 1.5, >= 1.5.2)
      rack-protection (~> 1.4)
      tilt (~> 1.3, >= 1.3.4)
    sinatra-activerecord (1.2.2)
      activerecord (~> 3.0)
      sinatra (~> 1.0)
    sinatra-contrib (1.4.0)
      backports (>= 2.0)
      eventmachine
      rack-protection
      rack-test
      sinatra (~> 1.4.2)
      tilt (~> 1.3)
    thor (0.18.1)
    tilt (1.4.1)
    tzinfo (0.3.39)
    unicorn (4.8.3)
      kgio (~> 2.6)
      rack
      raindrops (~> 0.7)
    yajl-ruby (1.2.1)

PLATFORMS
  ruby

DEPENDENCIES
  activerecord (~> 3.2.13)
  airbrake (~> 3.1.4)
  bengler_test_helper!
  dalli
  logger
  pebblebed (~> 0.2.1)
  pebbles-cors!
  pebbles-path
  pebbles-uid
  petroglyph
  pg
  rack-contrib!
  rack-protection (~> 1.5.3)
  rack-test
  rake
  rspec (~> 2.8)
  simplecov
  sinatra
  sinatra-activerecord
  sinatra-contrib
  thor
  unicorn
  yajl-ruby
